PATH
  remote: .
  specs:
    dynamo-autoscale-fork (0.4.3)
      activesupport (~> 4.1)
      aws-sdk-v1 (~> 1)
      commander (~> 4)
      oj (~> 2)
      oj_mimic_json (~> 1)
      pony (~> 1)
      rbtree (~> 0.4, >= 0.4.1)
      timecop (~> 0.7)
      yell (~> 2)

GEM
  remote: https://rubygems.org/
  specs:
    activesupport (4.1.8)
      i18n (~> 0.6, >= 0.6.9)
      json (~> 1.7, >= 1.7.7)
      minitest (~> 5.1)
      thread_safe (~> 0.1)
      tzinfo (~> 1.1)
    aws-sdk-v1 (1.59.0)
      json (~> 1.4)
      nokogiri (>= 1.4.4)
    commander (4.2.1)
      highline (~> 1.6.11)
    diff-lcs (1.2.5)
    docile (1.1.5)
    highline (1.6.21)
    i18n (0.6.11)
    json (1.8.1)
    mail (2.6.3)
      mime-types (>= 1.16, < 3)
    mime-types (2.4.3)
    mini_portile (0.6.1)
    minitest (5.4.3)
    multi_json (1.10.1)
    nokogiri (1.6.5)
      mini_portile (~> 0.6.0)
    oj (2.11.1)
    oj_mimic_json (1.0.1)
    pony (1.11)
      mail (>= 2.0)
    rake (10.4.0)
    rbtree (0.4.2)
    rspec (3.1.0)
      rspec-core (~> 3.1.0)
      rspec-expectations (~> 3.1.0)
      rspec-mocks (~> 3.1.0)
    rspec-core (3.1.7)
      rspec-support (~> 3.1.0)
    rspec-expectations (3.1.2)
      diff-lcs (>= 1.2.0, < 2.0)
      rspec-support (~> 3.1.0)
    rspec-mocks (3.1.3)
      rspec-support (~> 3.1.0)
    rspec-support (3.1.2)
    ruby-graphviz (1.2.1)
    simplecov (0.9.1)
      docile (~> 1.1.0)
      multi_json (~> 1.0)
      simplecov-html (~> 0.8.0)
    simplecov-html (0.8.0)
    thread_safe (0.3.4)
    timecop (0.7.1)
    tzinfo (1.2.2)
      thread_safe (~> 0.1)
    yell (2.0.5)

PLATFORMS
  ruby

DEPENDENCIES
  bundler
  dynamo-autoscale-fork!
  rake
  rspec
  ruby-graphviz
  simplecov
