PATH
  remote: .
  specs:
    dynamo-autoscale (0.4.1.1)
      activesupport
      aws-sdk-v1
      colored
      commander
      eye
      mono_logger
      oj
      oj_mimic_json
      pony
      rbtree (~> 0.4, >= 0.4.1)
      timecop

GEM
  remote: https://rubygems.org/
  specs:
    activesupport (4.1.7)
      i18n (~> 0.6, >= 0.6.9)
      json (~> 1.7, >= 1.7.7)
      minitest (~> 5.1)
      thread_safe (~> 0.1)
      tzinfo (~> 1.1)
    appbundler (0.3.0)
    aws-sdk-v1 (1.58.0)
      json (~> 1.4)
      nokogiri (>= 1.4.4)
    bond (0.5.1)
    celluloid (0.15.2)
      timers (~> 1.1.0)
    celluloid-io (0.15.0)
      celluloid (>= 0.15.0)
      nio4r (>= 0.5.0)
    coderay (1.1.0)
    colored (1.2)
    commander (4.2.1)
      highline (~> 1.6.11)
    diff-lcs (1.2.5)
    docile (1.1.5)
    eye (0.6.3)
      celluloid (~> 0.15.0)
      celluloid-io (~> 0.15.0)
      sigar (~> 0.7.2)
      state_machine
      thor
    highline (1.6.21)
    i18n (0.6.11)
    json (1.8.1)
    mail (2.6.3)
      mime-types (>= 1.16, < 3)
    method_source (0.8.2)
    mime-types (2.4.3)
    mini_portile (0.6.1)
    minitest (5.4.2)
    mono_logger (1.1.0)
    multi_json (1.10.1)
    nio4r (1.0.1)
    nokogiri (1.6.4.1)
      mini_portile (~> 0.6.0)
    oj (2.11.1)
    oj_mimic_json (1.0.1)
    pony (1.11)
      mail (>= 2.0)
    pry (0.10.1)
      coderay (~> 1.1.0)
      method_source (~> 0.8.1)
      slop (~> 3.4)
    rake (10.3.2)
    rbtree (0.4.2)
    ripl (0.7.1)
      bond (~> 0.5.1)
    rspec (3.1.0)
      rspec-core (~> 3.1.0)
      rspec-expectations (~> 3.1.0)
      rspec-mocks (~> 3.1.0)
    rspec-core (3.1.7)
      rspec-support (~> 3.1.0)
    rspec-expectations (3.1.2)
      diff-lcs (>= 1.2.0, < 2.0)
      rspec-support (~> 3.1.0)
    rspec-mocks (3.1.3)
      rspec-support (~> 3.1.0)
    rspec-support (3.1.2)
    sigar (0.7.3)
    simplecov (0.9.1)
      docile (~> 1.1.0)
      multi_json (~> 1.0)
      simplecov-html (~> 0.8.0)
    simplecov-html (0.8.0)
    slop (3.6.0)
    state_machine (1.2.0)
    thor (0.19.1)
    thread_safe (0.3.4)
    timecop (0.7.1)
    timers (1.1.0)
    tzinfo (1.2.2)
      thread_safe (~> 0.1)

PLATFORMS
  ruby

DEPENDENCIES
  appbundler
  bundler
  dynamo-autoscale!
  pry
  rake
  ripl
  rspec
  simplecov
